GEM
  remote: https://rubygems.org/
  specs:
    addressable (2.4.0)
    artii (2.1.1)
    ast (2.3.0)
    backports (3.6.8)
    chef-config (12.12.15)
      fuzzyurl (~> 0.8.0)
      mixlib-config (~> 2.0)
      mixlib-shellout (~> 2.0)
    colorize (0.8.1)
    cucumber-core (1.5.0)
      gherkin (~> 4.0)
    erubis (2.7.0)
    ethon (0.9.0)
      ffi (>= 1.3.0)
    faraday (0.9.2)
      multipart-post (>= 1.2, < 3)
    faraday_middleware (0.10.0)
      faraday (>= 0.7.4, < 0.10)
    ffi (1.9.13)
    ffi (1.9.13-x86-mingw32)
    ffi-yajl (2.2.3)
      libyajl2 (~> 1.2)
    foodcritic (7.0.1)
      cucumber-core (>= 1.3)
      erubis
      nokogiri (>= 1.5, < 2.0)
      rake
      rufus-lru (~> 1.0)
      treetop (~> 1.4)
      yajl-ruby (~> 1.1)
    fuzzyurl (0.8.0)
    gh (0.14.0)
      addressable
      backports
      faraday (~> 0.8)
      multi_json (~> 1.0)
      net-http-persistent (>= 2.7)
      net-http-pipeline
    gherkin (4.0.0)
    highline (1.7.8)
    ipaddress (0.8.3)
    json (2.0.1)
    launchy (2.4.3)
      addressable (~> 2.3)
    libyajl2 (1.2.0)
    mini_portile2 (2.1.0)
    mixlib-cli (1.6.0)
    mixlib-config (2.2.1)
    mixlib-log (1.6.0)
    mixlib-shellout (2.2.6)
    mixlib-shellout (2.2.6-universal-mingw32)
      win32-process (~> 0.8.2)
      wmi-lite (~> 1.0)
    multi_json (1.12.1)
    multipart-post (2.0.0)
    net-http-persistent (2.9.4)
    net-http-pipeline (1.0.1)
    nokogiri (1.6.8)
      mini_portile2 (~> 2.1.0)
      pkg-config (~> 1.1.7)
    nokogiri (1.6.8-x86-mingw32)
      mini_portile2 (~> 2.1.0)
      pkg-config (~> 1.1.7)
    ohai (8.16.0)
      chef-config (>= 12.5.0.alpha.1, < 13)
      ffi (~> 1.9)
      ffi-yajl (~> 2.2)
      ipaddress
      mixlib-cli
      mixlib-config (~> 2.0)
      mixlib-log
      mixlib-shellout (~> 2.0)
      plist (~> 3.1)
      systemu (~> 2.6.4)
      wmi-lite (~> 1.0)
    parser (2.3.1.2)
      ast (~> 2.2)
    pkg-config (1.1.7)
    plist (3.2.0)
    polyglot (0.3.5)
    powerpack (0.1.1)
    pusher-client (0.6.2)
      json
      websocket (~> 1.0)
    rainbow (2.1.0)
    rake (11.2.2)
    rubocop (0.41.2)
      parser (>= 2.3.1.1, < 3.0)
      powerpack (~> 0.1)
      rainbow (>= 1.99.1, < 3.0)
      ruby-progressbar (~> 1.7)
      unicode-display_width (~> 1.0, >= 1.0.1)
    ruby-progressbar (1.8.1)
    rufus-lru (1.1.0)
    systemu (2.6.5)
    thor (0.19.1)
    travis (1.8.2)
      backports
      faraday (~> 0.9)
      faraday_middleware (~> 0.9, >= 0.9.1)
      gh (~> 0.13)
      highline (~> 1.6)
      launchy (~> 2.1)
      pusher-client (~> 0.4)
      typhoeus (~> 0.6, >= 0.6.8)
    treetop (1.6.5)
      polyglot (~> 0.3)
    typhoeus (0.8.0)
      ethon (>= 0.8.0)
    unicode-display_width (1.1.0)
    websocket (1.2.3)
    win32-process (0.8.3)
      ffi (>= 1.0.0)
    wmi-lite (1.0.0)
    yajl-ruby (1.2.1)

PLATFORMS
  ruby
  x86-mingw32

DEPENDENCIES
  artii
  colorize
  foodcritic
  mixlib-shellout
  ohai
  rubocop
  thor
  travis

BUNDLED WITH
   1.12.5
